RESTRICTION: == net452
NUGET
  remote: https://www.nuget.org/api/v2
    FAKE (5.8.4)
    FsEye (2.1)
    FSharp.Compiler.Service (27.0.1)
      FSharp.Core (>= 4.5.2)
      System.Collections.Immutable (>= 1.5)
      System.Reflection.Metadata (>= 1.6)
      System.ValueTuple (>= 4.4)
    FSharp.Core (4.6.2)
    FSharp.Formatting (3.1)
      FSharp.Compiler.Service (>= 27.0.1 < 28.0)
      Microsoft.AspNet.Razor (>= 3.2.7 < 4.0)
      System.ValueTuple (>= 4.5 < 5.0)
    Microsoft.AspNet.Razor (3.2.7)
    Octokit (0.32)
    SourceLink.Fake (1.1)
    System.Collections.Immutable (1.5)
    System.Reflection.Metadata (1.6)
      System.Collections.Immutable (>= 1.5)
    System.ValueTuple (4.5)
GITHUB
  remote: fsharp/FAKE
    modules/Octokit/Octokit.fsx (d6d1408553b3702ddfb0de3e1f0ee8c2b83aa2dc)
      Octokit (>= 0.20)